GEM
  remote: https://rubygems.org/
  specs:
    irb (1.0.0)
    minitest (5.11.3)
    ruby2d (0.8.1)

PLATFORMS
  ruby

DEPENDENCIES
  irb (~> 1.0)
  minitest (~> 5)
  ruby2d (~> 0.8.1)

BUNDLED WITH
   2.0.1
