GEM
  remote: https://rubygems.org/
  specs:
    ast (2.4.0)
    concurrent-ruby (1.1.5)
    faker (1.9.3)
      i18n (>= 0.7)
    hike (1.2.3)
    i18n (1.6.0)
      concurrent-ruby (~> 1.0)
    irb (1.0.0)
    opal (0.11.4)
      ast (>= 2.3.0)
      hike (~> 1.2)
      parser (= 2.3.3.1)
      sourcemap (~> 0.1.0)
    parser (2.3.3.1)
      ast (~> 2.2)
    ruby2d (0.5.1)
      opal (~> 0.11)
    sourcemap (0.1.1)

PLATFORMS
  ruby

DEPENDENCIES
  faker (~> 1.9)
  irb (~> 1.0)
  ruby2d (~> 0.5.1)

BUNDLED WITH
   2.0.1
